NUGET
  remote: https://www.nuget.org/api/v2
    BenchmarkDotNet (0.9.6)
    BenchmarkDotNet.Diagnostics.Windows (0.9.6)
      BenchmarkDotNet (>= 0.9.6) - framework: >= net40, dnx451
      Microsoft.Diagnostics.Tracing.TraceEvent (>= 1.0.41) - framework: >= net40, dnx451
    Microsoft.Diagnostics.Tracing.TraceEvent (1.0.41) - framework: >= net40, dnx451

GROUP Tests

